GEM
  remote: https://rubygems.org/
  specs:
    coderay (1.1.1)
    em-websocket (0.5.1)
      eventmachine (>= 0.12.9)
      http_parser.rb (~> 0.6.0)
    eventmachine (1.2.0.1)
    http_parser.rb (0.6.0)
    method_source (0.8.2)
    pry (0.10.3)
      coderay (~> 1.1.0)
      method_source (~> 0.8.1)
      slop (~> 3.4)
    rake (11.1.2)
    slop (3.6.0)

PLATFORMS
  ruby

DEPENDENCIES
  em-websocket
  pry
  rake

BUNDLED WITH
   1.12.1
